GEM
  remote: http://rubygems.org/
  specs:
    archive-tar-minitar (0.5.2)
    flashsdk (1.0.32.pre)
      sprout (>= 1.1.15.pre)
    open4 (1.3.0)
    rake (0.9.2.2)
    rubyzip (0.9.4)
    sprout (1.1.15.pre)
      archive-tar-minitar (= 0.5.2)
      bundler (>= 0.9.19)
      open4 (>= 0.9.6)
      rake (>= 0.9.2)
      rubyzip (= 0.9.4)
    tool-shed (0.0.12)
      rake (>= 0.9.2)

PLATFORMS
  ruby

DEPENDENCIES
  flashsdk (>= 1.0.32.pre)
  tool-shed (~> 0.0.10)
